PATH
  remote: ../angular-tasks/
  specs:
    angular-tasks (0.0.1)
      hashie
      rake (>= 0.9.x)

PATH
  remote: ../trigger-tasks/
  specs:
    trigger-tasks (0.0.1)
      hashie
      highline
      rake (>= 0.9.x)
      rest-client
      sinatra

GEM
  remote: https://rubygems.org/
  specs:
    chunky_png (1.2.7)
    coderay (1.0.8)
    compass (0.12.2)
      chunky_png (~> 1.2)
      fssm (>= 0.2.7)
      sass (~> 3.1)
    fssm (0.2.9)
    guard (1.6.1)
      listen (>= 0.6.0)
      lumberjack (>= 1.0.2)
      pry (>= 0.9.10)
      thor (>= 0.14.6)
    guard-rake (0.0.7)
      guard
      rake
    hashie (1.2.0)
    highline (1.6.15)
    listen (0.7.2)
    lumberjack (1.0.2)
    method_source (0.8.1)
    mime-types (1.19)
    pry (0.9.11.3)
      coderay (~> 1.0.5)
      method_source (~> 0.8)
      slop (~> 3.4)
    rack (1.4.4)
    rack-protection (1.3.2)
      rack
    rake (10.0.3)
    rb-fsevent (0.9.3)
    rest-client (1.6.7)
      mime-types (>= 1.16)
    sass (3.2.5)
    sinatra (1.3.3)
      rack (~> 1.3, >= 1.3.6)
      rack-protection (~> 1.2)
      tilt (~> 1.3, >= 1.3.3)
    slop (3.4.3)
    thor (0.16.0)
    tilt (1.3.3)

PLATFORMS
  ruby

DEPENDENCIES
  angular-tasks!
  compass
  guard-rake
  rb-fsevent (~> 0.9.1)
  trigger-tasks!
